PATH
  remote: .
  specs:
    verto (0.4.1)
      dry-auto_inject (~> 0.7)
      dry-configurable (~> 0.8)
      dry-container (~> 0.7)
      thor (~> 1.0.1)
      vseries (~> 0.1)

GEM
  remote: https://rubygems.org/
  specs:
    byebug (11.1.1)
    concurrent-ruby (1.1.6)
    diff-lcs (1.3)
    docile (1.3.2)
    dry-auto_inject (0.7.0)
      dry-container (>= 0.3.4)
    dry-configurable (0.11.5)
      concurrent-ruby (~> 1.0)
      dry-core (~> 0.4, >= 0.4.7)
      dry-equalizer (~> 0.2)
    dry-container (0.7.2)
      concurrent-ruby (~> 1.0)
      dry-configurable (~> 0.1, >= 0.1.3)
    dry-core (0.4.9)
      concurrent-ruby (~> 1.0)
    dry-equalizer (0.3.0)
    rake (13.0.1)
    rspec (3.9.0)
      rspec-core (~> 3.9.0)
      rspec-expectations (~> 3.9.0)
      rspec-mocks (~> 3.9.0)
    rspec-core (3.9.1)
      rspec-support (~> 3.9.1)
    rspec-expectations (3.9.0)
      diff-lcs (>= 1.2.0, < 2.0)
      rspec-support (~> 3.9.0)
    rspec-mocks (3.9.1)
      diff-lcs (>= 1.2.0, < 2.0)
      rspec-support (~> 3.9.0)
    rspec-support (3.9.2)
    simplecov (0.18.5)
      docile (~> 1.1)
      simplecov-html (~> 0.11)
    simplecov-html (0.12.2)
    thor (1.0.1)
    vseries (0.1.1)

PLATFORMS
  ruby

DEPENDENCIES
  bundler (~> 2.0)
  byebug
  rake (~> 13.0)
  rspec (~> 3.0)
  simplecov (~> 0.18.0)
  verto!

BUNDLED WITH
   2.1.4
